{
  "InstitutionAddress": "101 San Antonio Rd, Petaluma, CA",
  "InstitutionName": "Institute of Noetic Sciences",
  "InstitutionalDepartmentName": "Science",
  "PowerLineFrequency": 60,
  "ManufacturersModelName": "EGI Net Amps 300",
  "TaskName": "internalattention",
  "EEGChannelCount": 32,
  "EEGReference": "common",
  "RecordingType": "continuous",
  "RecordingDuration": 1366.256,
  "SamplingFrequency": 250,
  "EOGChannelCount": 0,
  "ECGChannelCount": 0,
  "EMGChannelCount": 0,
  "SoftwareFilters": "n/a"
}